GIT
  remote: https://github.com/sinatra/sinatra.git
  revision: 3742bddcee8eb5afd69cf51327c1716c506e1adc
  specs:
    rack-protection (2.0.1)
      rack
    sinatra (2.0.1)
      mustermann (~> 1.0)
      rack (~> 2.0)
      rack-protection (= 2.0.1)
      tilt (~> 2.0)

PATH
  remote: .
  specs:
    david (0.5.1.pre)
      celluloid (~> 0.17.3)
      celluloid-io (~> 0.17.3)
      coap (~> 0.1)
      rack (~> 2.0)

GEM
  remote: https://rubygems.org/
  specs:
    actioncable (5.1.6)
      actionpack (= 5.1.6)
      nio4r (~> 2.0)
      websocket-driver (~> 0.6.1)
    actionmailer (5.1.6)
      actionpack (= 5.1.6)
      actionview (= 5.1.6)
      activejob (= 5.1.6)
      mail (~> 2.5, >= 2.5.4)
      rails-dom-testing (~> 2.0)
    actionpack (5.1.6)
      actionview (= 5.1.6)
      activesupport (= 5.1.6)
      rack (~> 2.0)
      rack-test (>= 0.6.3)
      rails-dom-testing (~> 2.0)
      rails-html-sanitizer (~> 1.0, >= 1.0.2)
    actionview (5.1.6)
      activesupport (= 5.1.6)
      builder (~> 3.1)
      erubi (~> 1.4)
      rails-dom-testing (~> 2.0)
      rails-html-sanitizer (~> 1.0, >= 1.0.3)
    activejob (5.1.6)
      activesupport (= 5.1.6)
      globalid (>= 0.3.6)
    activemodel (5.1.6)
      activesupport (= 5.1.6)
    activerecord (5.1.6)
      activemodel (= 5.1.6)
      activesupport (= 5.1.6)
      arel (~> 8.0)
    activesupport (5.1.6)
      concurrent-ruby (~> 1.0, >= 1.0.2)
      i18n (>= 0.7, < 2)
      minitest (~> 5.1)
      tzinfo (~> 1.1)
    arel (8.0.0)
    axiom-types (0.1.1)
      descendants_tracker (~> 0.0.4)
      ice_nine (~> 0.11.0)
      thread_safe (~> 0.3, >= 0.3.1)
    builder (3.2.3)
    cbor (0.5.9.2)
    celluloid (0.17.3)
      celluloid-essentials
      celluloid-extras
      celluloid-fsm
      celluloid-pool
      celluloid-supervision
      timers (>= 4.1.1)
    celluloid-essentials (0.20.5)
      timers (>= 4.1.1)
    celluloid-extras (0.20.5)
      timers (>= 4.1.1)
    celluloid-fsm (0.20.5)
      timers (>= 4.1.1)
    celluloid-io (0.17.3)
      celluloid (>= 0.17.2)
      nio4r (>= 1.1)
      timers (>= 4.1.1)
    celluloid-pool (0.20.5)
      timers (>= 4.1.1)
    celluloid-supervision (0.20.6)
      timers (>= 4.1.1)
    coap (0.1.4)
      celluloid-io (~> 0.17.3)
      resolv-ipv6favor (~> 0)
    coercible (1.0.0)
      descendants_tracker (~> 0.0.1)
    concurrent-ruby (1.0.5)
    concurrent-ruby (1.0.5-java)
    coveralls (0.8.21)
      json (>= 1.8, < 3)
      simplecov (~> 0.14.1)
      term-ansicolor (~> 1.3)
      thor (~> 0.19.4)
      tins (~> 1.6)
    crass (1.0.4)
    descendants_tracker (0.0.4)
      thread_safe (~> 0.3, >= 0.3.1)
    diff-lcs (1.3)
    docile (1.1.5)
    equalizer (0.0.11)
    erubi (1.7.1)
    ffi (1.9.25)
    globalid (0.4.1)
      activesupport (>= 4.2.0)
    grape (1.0.3)
      activesupport
      builder
      mustermann-grape (~> 1.0.0)
      rack (>= 1.3.0)
      rack-accept
      virtus (>= 1.0.0)
    hitimes (1.2.6)
    hitimes (1.2.6-java)
    hobbit (0.6.1)
      rack
    i18n (1.0.1)
      concurrent-ruby (~> 1.0)
    ice_nine (0.11.2)
    json (2.1.0)
    json (2.1.0-java)
    loofah (2.2.2)
      crass (~> 1.0.2)
      nokogiri (>= 1.5.9)
    mail (2.7.0)
      mini_mime (>= 0.1.1)
    method_source (0.9.0)
    mini_mime (1.0.0)
    mini_portile2 (2.3.0)
    minitest (5.11.3)
    mustermann (1.0.2)
    mustermann-grape (1.0.0)
      mustermann (~> 1.0.0)
    nio4r (2.3.1)
    nio4r (2.3.1-java)
    nokogiri (1.8.2)
      mini_portile2 (~> 2.3.0)
    nokogiri (1.8.2-java)
    nyny (2.2.1)
      rack
      tilt
    rack (2.0.5)
    rack-accept (0.4.5)
      rack (>= 0.4)
    rack-test (1.0.0)
      rack (>= 1.0, < 3)
    rails (5.1.6)
      actioncable (= 5.1.6)
      actionmailer (= 5.1.6)
      actionpack (= 5.1.6)
      actionview (= 5.1.6)
      activejob (= 5.1.6)
      activemodel (= 5.1.6)
      activerecord (= 5.1.6)
      activesupport (= 5.1.6)
      bundler (>= 1.3.0)
      railties (= 5.1.6)
      sprockets-rails (>= 2.0.0)
    rails-dom-testing (2.0.3)
      activesupport (>= 4.2.0)
      nokogiri (>= 1.6)
    rails-html-sanitizer (1.0.4)
      loofah (~> 2.2, >= 2.2.2)
    railties (5.1.6)
      actionpack (= 5.1.6)
      activesupport (= 5.1.6)
      method_source
      rake (>= 0.8.7)
      thor (>= 0.18.1, < 2.0)
    rake (0.9.6)
    resolv-ipv6favor (0.0.0)
    roda (2.29.0)
      rack
    rspec (3.5.0)
      rspec-core (~> 3.5.0)
      rspec-expectations (~> 3.5.0)
      rspec-mocks (~> 3.5.0)
    rspec-core (3.5.4)
      rspec-support (~> 3.5.0)
    rspec-expectations (3.5.0)
      diff-lcs (>= 1.2.0, < 2.0)
      rspec-support (~> 3.5.0)
    rspec-mocks (3.5.0)
      diff-lcs (>= 1.2.0, < 2.0)
      rspec-support (~> 3.5.0)
    rspec-rails (3.5.2)
      actionpack (>= 3.0)
      activesupport (>= 3.0)
      railties (>= 3.0)
      rspec-core (~> 3.5.0)
      rspec-expectations (~> 3.5.0)
      rspec-mocks (~> 3.5.0)
      rspec-support (~> 3.5.0)
    rspec-support (3.5.0)
    ruby-prof (0.17.0)
    simplecov (0.14.1)
      docile (~> 1.1.0)
      json (>= 1.8, < 3)
      simplecov-html (~> 0.10.0)
    simplecov-html (0.10.2)
    sprockets (3.7.1)
      concurrent-ruby (~> 1.0)
      rack (> 1, < 3)
    sprockets-rails (3.2.1)
      actionpack (>= 4.0)
      activesupport (>= 4.0)
      sprockets (>= 3.0.0)
    term-ansicolor (1.6.0)
      tins (~> 1.0)
    thor (0.19.4)
    thread_safe (0.3.6)
    thread_safe (0.3.6-java)
    tilt (2.0.8)
    timers (4.1.2)
      hitimes
    tins (1.16.3)
    tinydtls (0.1.0)
      ffi (~> 1.9)
    tzinfo (1.2.5)
      thread_safe (~> 0.1)
    virtus (1.0.5)
      axiom-types (~> 0.1)
      coercible (~> 1.0)
      descendants_tracker (~> 0.0, >= 0.0.3)
      equalizer (~> 0.0, >= 0.0.9)
    websocket-driver (0.6.5)
      websocket-extensions (>= 0.1.0)
    websocket-driver (0.6.5-java)
      websocket-extensions (>= 0.1.0)
    websocket-extensions (0.1.3)

PLATFORMS
  java
  ruby

DEPENDENCIES
  cbor
  coveralls
  david!
  grape
  hobbit
  nyny
  rack-protection!
  rails (~> 5.1.0)
  rake (~> 0)
  roda (~> 2)
  rspec (~> 3.2)
  rspec-rails (~> 3.5.0)
  ruby-prof
  sinatra!
  tinydtls

BUNDLED WITH
   1.16.2
